PATH
  remote: .
  specs:
    ccsv_ext (0.1.2)

GEM
  remote: https://rubygems.org/
  specs:
    minitest (5.12.2)
    rake (10.5.0)
    rake-compiler (1.0.8)
      rake

PLATFORMS
  ruby

DEPENDENCIES
  bundler (~> 2.0)
  ccsv_ext!
  minitest (~> 5.0)
  rake (~> 10.0)
  rake-compiler (>= 1.0.0)

BUNDLED WITH
   2.0.2
